GIT
  remote: git://github.com/daitss/datyl.git
  revision: 426c36df31f415632daf31f1194d5aeb3e1008de
  specs:
    datyl (0.1.4)

PATH
  remote: .
  specs:
    daitss (2.17.18)

PATH
  remote: /Library/Ruby/Gems/1.8/gems/sys-proctable-0.9.1-universal-darwin
  specs:
    sys-proctable (0.9.1)

GEM
  remote: http://rubygems.org/
  specs:
    addressable (2.2.7)
    bcrypt-ruby (3.0.1)
    builder (3.0.0)
    columnize (0.3.6)
    cucumber (1.1.0)
      builder (>= 2.1.2)
      diff-lcs (>= 1.1.2)
      gherkin (~> 2.5.0)
      json (>= 1.4.6)
      term-ansicolor (>= 1.0.6)
    curb (0.7.15)
    daemons (1.1.9)
    data_mapper (1.2.0)
      dm-aggregates (~> 1.2.0)
      dm-constraints (~> 1.2.0)
      dm-core (~> 1.2.0)
      dm-migrations (~> 1.2.0)
      dm-serializer (~> 1.2.0)
      dm-timestamps (~> 1.2.0)
      dm-transactions (~> 1.2.0)
      dm-types (~> 1.2.0)
      dm-validations (~> 1.2.0)
    data_objects (0.10.8)
      addressable (~> 2.1)
    diff-lcs (1.1.3)
    dm-adjust (1.2.0)
      dm-core (~> 1.2.0)
    dm-aggregates (1.2.0)
      dm-core (~> 1.2.0)
    dm-constraints (1.2.0)
      dm-core (~> 1.2.0)
    dm-core (1.2.0)
      addressable (~> 2.2.6)
    dm-do-adapter (1.2.0)
      data_objects (~> 0.10.6)
      dm-core (~> 1.2.0)
    dm-is-list (1.2.0)
      dm-adjust (~> 1.2.0)
    dm-migrations (1.2.0)
      dm-core (~> 1.2.0)
    dm-postgres-adapter (1.2.0)
      dm-do-adapter (~> 1.2.0)
      do_postgres (~> 0.10.6)
    dm-serializer (1.2.1)
      dm-core (~> 1.2.0)
      fastercsv (~> 1.5.4)
      json (~> 1.6.1)
      json_pure (~> 1.6.1)
      multi_json (~> 1.0.3)
    dm-timestamps (1.2.0)
      dm-core (~> 1.2.0)
    dm-transactions (1.2.0)
      dm-core (~> 1.2.0)
    dm-types (1.2.1)
      bcrypt-ruby (~> 3.0.0)
      dm-core (~> 1.2.0)
      fastercsv (~> 1.5.4)
      json (~> 1.6.1)
      multi_json (~> 1.0.3)
      stringex (~> 1.3.0)
      uuidtools (~> 2.1.2)
    dm-validations (1.2.0)
      dm-core (~> 1.2.0)
    do_postgres (0.10.8)
      data_objects (= 0.10.8)
    eventmachine (1.0.0)
    fastercsv (1.5.4)
    fuubar (1.0.0)
      rspec (~> 2.0)
      rspec-instafail (~> 0.2.0)
      ruby-progressbar (~> 0.0.10)
    gherkin (2.5.4)
      json (>= 1.4.6)
    haml (3.1.4)
    json (1.6.6)
    json_pure (1.6.6)
    libxml-ruby (1.1.3)
    linecache (0.46)
      rbx-require-relative (> 0.0.4)
    log4r (1.1.10)
    macaddr (1.5.0)
      systemu (>= 2.4.0)
    multi_json (1.0.4)
    nokogiri (1.5.2)
    rack (1.4.1)
    rack-protection (1.2.0)
      rack
    rack-ssl-enforcer (0.2.4)
    rack-test (0.6.1)
      rack (>= 1.0)
    rake (0.9.2.2)
    rbx-require-relative (0.0.9)
    rjb (1.3.9)
    rspec (2.9.0)
      rspec-core (~> 2.9.0)
      rspec-expectations (~> 2.9.0)
      rspec-mocks (~> 2.9.0)
    rspec-core (2.9.0)
    rspec-expectations (2.9.1)
      diff-lcs (~> 1.1.3)
    rspec-instafail (0.2.4)
    rspec-mocks (2.9.0)
    ruby-debug (0.10.4)
      columnize (>= 0.1)
      ruby-debug-base (~> 0.10.4.0)
    ruby-debug-base (0.10.4)
      linecache (>= 0.3)
    ruby-prof (0.10.8)
    ruby-progressbar (0.0.10)
    selenium-client (1.2.18)
    semver (1.0.1)
    sinatra (1.3.2)
      rack (~> 1.3, >= 1.3.6)
      rack-protection (~> 1.2)
      tilt (~> 1.3, >= 1.3.3)
    stringex (1.3.2)
    systemu (2.5.0)
    term-ansicolor (1.0.7)
    thin (1.5.0)
      daemons (>= 1.0.9)
      eventmachine (>= 0.12.6)
      rack (>= 1.0.0)
    thor (0.14.6)
    tilt (1.3.3)
    uuid (2.3.5)
      macaddr (~> 1.0)
    uuidtools (2.1.2)
    webrat (0.7.3)
      nokogiri (>= 1.2.0)
      rack (>= 1.0)
      rack-test (>= 0.5.3)

PLATFORMS
  ruby

DEPENDENCIES
  cucumber (= 1.1.0)
  curb (= 0.7.15)
  daitss!
  data_mapper (>= 1.2.0)
  datyl!
  dm-is-list
  dm-postgres-adapter
  fuubar
  haml
  libxml-ruby (= 1.1.3)
  log4r
  nokogiri
  rack-ssl-enforcer
  rack-test
  rake
  rjb
  rspec
  ruby-debug
  ruby-prof
  selenium-client
  semver
  sinatra
  sys-proctable!
  thin
  thor
  uuid
  webrat
