PATH
  remote: /Library/Ruby/Gems/1.8/gems/sys-proctable-0.9.0-x86-darwin-8
  specs:
    sys-proctable (0.9.0)

GEM
  remote: http://rubygems.org/
  specs:
    addressable (2.2.0)
    builder (2.1.2)
    columnize (0.3.1)
    cucumber (0.8.5)
      builder (~> 2.1.2)
      diff-lcs (~> 1.1.2)
      gherkin (~> 2.1.4)
      json_pure (~> 1.4.3)
      term-ansicolor (~> 1.0.4)
    daemons (1.1.0)
    data_mapper (1.0.0)
      dm-aggregates (= 1.0.0)
      dm-constraints (= 1.0.0)
      dm-core (= 1.0.0)
      dm-core (= 1.0.0)
      dm-migrations (= 1.0.0)
      dm-serializer (= 1.0.0)
      dm-timestamps (= 1.0.0)
      dm-transactions (= 1.0.0)
      dm-types (= 1.0.0)
      dm-validations (= 1.0.0)
    data_objects (0.10.2)
      addressable (~> 2.1)
    diff-lcs (1.1.2)
    dm-adjust (1.0.0)
      dm-core (~> 1.0.0)
    dm-aggregates (1.0.0)
      dm-core (~> 1.0.0)
    dm-constraints (1.0.0)
      dm-core (~> 1.0.0)
      dm-migrations (~> 1.0.0)
    dm-core (1.0.0)
      addressable (~> 2.1)
      extlib (~> 0.9.15)
    dm-do-adapter (1.0.0)
      data_objects (~> 0.10.1)
      dm-core (~> 1.0.0)
    dm-is-list (1.0.0)
      dm-adjust (~> 1.0.0)
      dm-core (~> 1.0.0)
    dm-migrations (1.0.0)
      dm-core (~> 1.0.0)
    dm-mysql-adapter (1.0.0)
      dm-do-adapter (~> 1.0.0)
      do_mysql (~> 0.10.2)
    dm-postgres-adapter (1.0.0)
      dm-do-adapter (~> 1.0.0)
      do_postgres (~> 0.10.2)
    dm-serializer (1.0.0)
      dm-core (~> 1.0.0)
      fastercsv (~> 1.5.3)
      json_pure (~> 1.4.3)
    dm-sqlite-adapter (1.0.0)
      dm-do-adapter (~> 1.0.0)
      do_sqlite3 (~> 0.10.2)
    dm-timestamps (1.0.0)
      dm-core (~> 1.0.0)
    dm-transactions (1.0.0)
      dm-core (~> 1.0.0)
    dm-types (1.0.0)
      dm-core (~> 1.0.0)
      fastercsv (~> 1.5.3)
      json_pure (~> 1.4.3)
      stringex (~> 1.1.0)
      uuidtools (~> 2.1.1)
    dm-validations (1.0.0)
      dm-core (~> 1.0.0)
    do_mysql (0.10.2)
      data_objects (= 0.10.2)
    do_postgres (0.10.2)
      data_objects (= 0.10.2)
    do_sqlite3 (0.10.2)
      data_objects (= 0.10.2)
    eventmachine (0.12.10)
    extlib (0.9.15)
    fastercsv (1.5.3)
    gherkin (2.1.5)
      trollop (~> 1.16.2)
    haml (3.0.18)
    json_pure (1.4.6)
    jxmlvalidator (0.1.1)
      rjb (~> 1.2.0)
    libxml-ruby (1.1.4)
    libxslt-ruby (0.9.7)
      libxml-ruby (>= 0.9.4)
    linecache (0.43)
    macaddr (1.0.0)
    nokogiri (1.4.3.1)
    rack (1.2.1)
    rack-test (0.5.4)
      rack (>= 1.0)
    rake (0.8.7)
    rjb (1.2.6)
    rspec (1.3.0)
    ruby-debug (0.10.3)
      columnize (>= 0.1)
      ruby-debug-base (~> 0.10.3.0)
    ruby-debug-base (0.10.3)
      linecache (>= 0.3)
    ruby-prof (0.9.2)
    schematron (1.1.1)
      libxml-ruby (~> 1.1.2)
      libxslt-ruby (>= 0.9.1)
      semver (~> 0.2.0)
    semver (0.2.2)
    sinatra (1.0)
      rack (>= 1.0)
    stringex (1.1.0)
    term-ansicolor (1.0.5)
    thin (1.2.7)
      daemons (>= 1.0.9)
      eventmachine (>= 0.12.6)
      rack (>= 1.0.0)
    thor (0.14.0)
    trollop (1.16.2)
    uuid (2.3.1)
      macaddr (~> 1.0)
    uuidtools (2.1.1)
    webrat (0.7.1)
      nokogiri (>= 1.2.0)
      rack (>= 1.0)
      rack-test (>= 0.5.3)

PLATFORMS
  ruby

DEPENDENCIES
  cucumber
  data_mapper
  dm-is-list
  dm-mysql-adapter
  dm-postgres-adapter
  dm-sqlite-adapter
  haml
  jxmlvalidator
  libxml-ruby
  nokogiri
  rack-test
  rake
  rspec
  ruby-debug
  ruby-prof
  schematron
  semver
  sinatra
  sys-proctable!
  thin
  thor
  uuid
  webrat
